GEM
  remote: http://rubygems.org/
  specs:
    coderay (1.0.5)
    hiera (0.3.0)
    method_source (0.7.1)
    pry (0.9.8.4)
      coderay (~> 1.0.5)
      method_source (~> 0.7.1)
      slop (>= 2.4.4, < 3)
    slop (2.4.4)

PLATFORMS
  ruby

DEPENDENCIES
  hiera
  pry
