GEM
  remote: http://rubygems.org/
  specs:
    hiera (0.3.0)

PLATFORMS
  ruby

DEPENDENCIES
  hiera
